PATH
  remote: .
  specs:
    furigana (0.0.1)
      diff-lcs
      redcarpet

GEM
  remote: http://rubygems.org/
  specs:
    columnize (0.3.6)
    debugger (1.2.2)
      columnize (>= 0.3.1)
      debugger-linecache (~> 1.1.1)
      debugger-ruby_core_source (~> 1.1.5)
    debugger-linecache (1.1.2)
      debugger-ruby_core_source (>= 1.1.1)
    debugger-ruby_core_source (1.1.5)
    diff-lcs (1.1.3)
    json (1.7.5)
    rake (10.0.2)
    rdoc (3.12)
      json (~> 1.4)
    redcarpet (2.1.1)

PLATFORMS
  ruby

DEPENDENCIES
  debugger
  diff-lcs
  furigana!
  rake
  rdoc
